GEM
  remote: http://rubygems.org/
  specs:
    anemone (0.6.1)
      nokogiri (>= 1.3.0)
      robots (>= 0.7.2)
    nokogiri (1.5.0)
    rack (1.3.3)
    rack-protection (1.1.1)
      rack
    robots (0.10.1)
    sinatra (1.3.0)
      rack (~> 1.3)
      rack-protection (~> 1.1)
      tilt (~> 1.3)
    tilt (1.3.3)

PLATFORMS
  ruby

DEPENDENCIES
  anemone
  nokogiri
  sinatra
