GEM
  remote: http://rubygems.org/
  specs:
    addressable (2.2.6)
    anemone (0.6.1)
      nokogiri (>= 1.3.0)
      robots (>= 0.7.2)
    bcrypt-ruby (3.0.1)
    data_mapper (1.2.0.rc2)
      dm-aggregates (= 1.2.0.rc2)
      dm-constraints (= 1.2.0.rc2)
      dm-core (= 1.2.0.rc2)
      dm-migrations (= 1.2.0.rc2)
      dm-serializer (= 1.2.0.rc2)
      dm-timestamps (= 1.2.0.rc2)
      dm-transactions (= 1.2.0.rc2)
      dm-types (= 1.2.0.rc2)
      dm-validations (= 1.2.0.rc2)
    data_objects (0.10.6)
      addressable (~> 2.1)
    dm-aggregates (1.2.0.rc2)
      dm-core (~> 1.2.0.rc2)
    dm-constraints (1.2.0.rc2)
      dm-core (~> 1.2.0.rc2)
    dm-core (1.2.0.rc2)
      addressable (~> 2.2.6)
    dm-do-adapter (1.2.0.rc2)
      data_objects (~> 0.10.6)
      dm-core (~> 1.2.0.rc2)
    dm-migrations (1.2.0.rc2)
      dm-core (~> 1.2.0.rc2)
    dm-serializer (1.2.0.rc2)
      dm-core (~> 1.2.0.rc2)
      fastercsv (~> 1.5.4)
      json (~> 1.5.4)
      json_pure (~> 1.5.4)
      multi_json (~> 1.0.3)
    dm-sqlite-adapter (1.2.0.rc2)
      dm-do-adapter (~> 1.2.0.rc2)
      do_sqlite3 (~> 0.10.6)
    dm-timestamps (1.2.0.rc2)
      dm-core (~> 1.2.0.rc2)
    dm-transactions (1.2.0.rc2)
      dm-core (~> 1.2.0.rc2)
    dm-types (1.2.0.rc2)
      bcrypt-ruby (~> 3.0.0)
      dm-core (~> 1.2.0.rc2)
      fastercsv (~> 1.5.4)
      json (~> 1.5.4)
      multi_json (~> 1.0.3)
      stringex (~> 1.3.0)
      uuidtools (~> 2.1.2)
    dm-validations (1.2.0.rc2)
      dm-core (~> 1.2.0.rc2)
    do_sqlite3 (0.10.6)
      data_objects (= 0.10.6)
    fastercsv (1.5.4)
    haml (3.1.3)
    json (1.5.4)
    json_pure (1.5.4)
      spruz (~> 0.2.8)
    mime-types (1.16)
    multi_json (1.0.3)
    nokogiri (1.5.0)
    rack (1.3.3)
    rack-protection (1.1.2)
      rack
    rest-client (1.6.7)
      mime-types (>= 1.16)
    robots (0.10.1)
    sinatra (1.3.0)
      rack (~> 1.3)
      rack-protection (~> 1.1)
      tilt (~> 1.3)
    spruz (0.2.13)
    stringex (1.3.0)
    tilt (1.3.3)
    uuidtools (2.1.2)

PLATFORMS
  ruby

DEPENDENCIES
  anemone
  data_mapper (= 1.2.0.rc2)
  dm-sqlite-adapter (= 1.2.0.rc2)
  haml
  nokogiri
  rack (= 1.3.3)
  rest-client
  sinatra
