GEM
  remote: http://rubygems.org/
  specs:
    anemone (0.6.1)
      nokogiri (>= 1.3.0)
      robots (>= 0.7.2)
    nokogiri (1.5.0)
    robots (0.10.1)

PLATFORMS
  ruby

DEPENDENCIES
  anemone
  nokogiri
